GEM
  remote: https://rubygems.org/
  specs:
    beambridge (0.9.0)
    chunky_png (1.3.0)
    coffee-script (2.2.0)
      coffee-script-source
      execjs
    coffee-script-source (1.7.0)
    compass (0.12.2)
      chunky_png (~> 1.2)
      fssm (>= 0.2.7)
      sass (~> 3.1)
    execjs (2.0.2)
    fssm (0.2.10)
    hike (1.2.3)
    json (1.8.1)
    multi_json (1.8.4)
    rack (1.5.2)
    sass (3.2.14)
    sprockets (2.10.1)
      hike (~> 1.2)
      multi_json (~> 1.0)
      rack (~> 1.0)
      tilt (~> 1.1, != 1.3.0)
    tilt (1.4.1)
    uglifier (2.3.3)
      execjs (>= 0.3.0)
      json (>= 1.8.0)
    web_assets (0.0.9)
      beambridge (~> 0.9.0)
      coffee-script (~> 2.2.0)
      compass (~> 0.12.2)
      sprockets (~> 2.10.0)
      uglifier (~> 2.3.3)

PLATFORMS
  ruby

DEPENDENCIES
  web_assets (~> 0.0.9)
